GEM
  remote: https://rubygems.org/
  specs:
    arithmos (0.1.2)
    rack (2.0.6)
    rake (12.3.2)
    roda (3.17.0)
      rack
    slim (4.0.1)
      temple (>= 0.7.6, < 0.9)
      tilt (>= 2.0.6, < 2.1)
    sqlite3 (1.3.13)
    temple (0.8.1)
    tilt (2.0.9)

PLATFORMS
  ruby

DEPENDENCIES
  arithmos
  rake
  roda
  slim
  sqlite3

BUNDLED WITH
   1.17.2
